GEM
  remote: https://rubygems.org/
  specs:
    opentelemetry-api (1.0.2)
    opentelemetry-instrumentation-action_pack (0.1.0)
      opentelemetry-api (~> 1.0.0.rc3)
      opentelemetry-instrumentation-base (~> 0.18.2)
      opentelemetry-instrumentation-rack (~> 0.19.1)
    opentelemetry-instrumentation-base (0.18.3)
      opentelemetry-api (~> 1.0)
    opentelemetry-instrumentation-rack (0.19.3)
      opentelemetry-api (~> 1.0)
      opentelemetry-instrumentation-base (~> 0.18.3)
    pg (1.1.4)

PLATFORMS
  x86_64-darwin-19
  x86_64-linux

DEPENDENCIES
  opentelemetry-instrumentation-action_pack (= 0.1.0)
  pg (~> 1.1.0)

BUNDLED WITH
   2.2.32
