GEM
  remote: https://rubygems.org/
  specs:
    actionpack (7.0.4)
      actionview (= 7.0.4)
      activesupport (= 7.0.4)
      rack (~> 2.0, >= 2.2.0)
      rack-test (>= 0.6.3)
      rails-dom-testing (~> 2.0)
      rails-html-sanitizer (~> 1.0, >= 1.2.0)
    actionview (7.0.4)
      activesupport (= 7.0.4)
      builder (~> 3.1)
      erubi (~> 1.4)
      rails-dom-testing (~> 2.0)
      rails-html-sanitizer (~> 1.1, >= 1.2.0)
    activejob (7.0.4)
      activesupport (= 7.0.4)
      globalid (>= 0.3.6)
    activemodel (7.0.4)
      activesupport (= 7.0.4)
    activerecord (7.0.4)
      activemodel (= 7.0.4)
      activesupport (= 7.0.4)
    activesupport (7.0.4)
      concurrent-ruby (~> 1.0, >= 1.0.2)
      i18n (>= 1.6, < 2)
      minitest (>= 5.1)
      tzinfo (~> 2.0)
    builder (3.2.4)
    concurrent-ruby (1.1.10)
    crass (1.0.6)
    erubi (1.11.0)
    globalid (1.0.0)
      activesupport (>= 5.0)
    google-protobuf (3.21.5-x86_64-darwin)
    google-protobuf (3.21.5-x86_64-linux)
    googleapis-common-protos-types (1.4.0)
      google-protobuf (~> 3.14)
    i18n (1.12.0)
      concurrent-ruby (~> 1.0)
    loofah (2.18.0)
      crass (~> 1.0.2)
      nokogiri (>= 1.5.9)
    method_source (1.0.0)
    minitest (5.16.3)
    nio4r (2.5.8)
    nokogiri (1.13.8-x86_64-darwin)
      racc (~> 1.4)
    nokogiri (1.13.8-x86_64-linux)
      racc (~> 1.4)
    opentelemetry-api (1.0.2)
    opentelemetry-common (0.19.6)
      opentelemetry-api (~> 1.0)
    opentelemetry-exporter-otlp (0.23.0)
      google-protobuf (~> 3.19)
      googleapis-common-protos-types (~> 1.3)
      opentelemetry-api (~> 1.0)
      opentelemetry-common (~> 0.19.6)
      opentelemetry-sdk (~> 1.0)
      opentelemetry-semantic_conventions
    opentelemetry-instrumentation-action_pack (0.1.0)
      opentelemetry-api (~> 1.0.0.rc3)
      opentelemetry-instrumentation-base (~> 0.18.2)
      opentelemetry-instrumentation-rack (~> 0.19.1)
    opentelemetry-instrumentation-base (0.18.3)
      opentelemetry-api (~> 1.0)
    opentelemetry-instrumentation-rack (0.19.3)
      opentelemetry-api (~> 1.0)
      opentelemetry-instrumentation-base (~> 0.18.3)
    opentelemetry-registry (0.1.0)
      opentelemetry-api (~> 1.0.1)
    opentelemetry-sdk (1.1.0)
      opentelemetry-api (~> 1.0)
      opentelemetry-common (~> 0.19.3)
      opentelemetry-registry (~> 0.1)
      opentelemetry-semantic_conventions
    opentelemetry-semantic_conventions (1.8.0)
      opentelemetry-api (~> 1.0)
    pg (1.1.4)
    puma (5.6.5)
      nio4r (~> 2.0)
    racc (1.6.0)
    rack (2.2.4)
    rack-test (2.0.2)
      rack (>= 1.3)
    rails-dom-testing (2.0.3)
      activesupport (>= 4.2.0)
      nokogiri (>= 1.6)
    rails-html-sanitizer (1.4.3)
      loofah (~> 2.3)
    railties (7.0.4)
      actionpack (= 7.0.4)
      activesupport (= 7.0.4)
      method_source
      rake (>= 12.2)
      thor (~> 1.0)
      zeitwerk (~> 2.5)
    rake (13.0.6)
    sprockets (4.1.1)
      concurrent-ruby (~> 1.0)
      rack (> 1, < 3)
    sprockets-rails (3.4.2)
      actionpack (>= 5.2)
      activesupport (>= 5.2)
      sprockets (>= 3.0.0)
    thor (1.2.1)
    tzinfo (2.0.5)
      concurrent-ruby (~> 1.0)
    zeitwerk (2.6.0)

PLATFORMS
  x86_64-darwin-19
  x86_64-linux

DEPENDENCIES
  actionpack (~> 7.0)
  actionview (~> 7.0)
  activejob (~> 7.0)
  activemodel (~> 7.0)
  activerecord (~> 7.0)
  opentelemetry-exporter-otlp
  opentelemetry-instrumentation-action_pack (= 0.1.0)
  opentelemetry-sdk
  pg (~> 1.1.0)
  puma (= 5.6.5)
  railties (~> 7.0)
  sprockets-rails (>= 2.0.0)

BUNDLED WITH
   2.2.32
