GEM
  remote: https://rubygems.org/
  specs:
    opentelemetry-api (1.0.2)
    opentelemetry-common (0.19.6)
      opentelemetry-api (~> 1.0)
    opentelemetry-instrumentation-action_pack (0.2.0)
      opentelemetry-api (~> 1.0)
      opentelemetry-instrumentation-base (~> 0.21.0)
      opentelemetry-instrumentation-rack (~> 0.21.0)
    opentelemetry-instrumentation-base (0.21.0)
      opentelemetry-api (~> 1.0)
      opentelemetry-registry (~> 0.1)
    opentelemetry-instrumentation-rack (0.21.0)
      opentelemetry-api (~> 1.0)
      opentelemetry-common (~> 0.19.3)
      opentelemetry-instrumentation-base (~> 0.21.0)
    opentelemetry-registry (0.1.0)
      opentelemetry-api (~> 1.0.1)
    pg (1.4.3)

PLATFORMS
  x86_64-darwin-19
  x86_64-linux

DEPENDENCIES
  opentelemetry-instrumentation-action_pack (= 0.2.0)
  pg (~> 1.4.0)

BUNDLED WITH
   2.2.32
